GEM
  remote: https://rubygems.org/
  specs:
    activesupport (4.2.6)
      i18n (~> 0.7)
      json (~> 1.7, >= 1.7.7)
      minitest (~> 5.1)
      thread_safe (~> 0.3, >= 0.3.4)
      tzinfo (~> 1.1)
    claide (1.0.0.beta.3)
    colored (1.2)
    i18n (0.7.0)
    json (1.8.3)
    minitest (5.8.4)
    phoenx (0.1.1)
      colored (~> 1.2)
      xcodeproj (~> 1.0.0.beta.2)
    thread_safe (0.3.5)
    tzinfo (1.2.2)
      thread_safe (~> 0.1)
    xcodeproj (1.0.0.beta.3)
      activesupport (>= 3)
      claide (>= 1.0.0.beta.1, < 2.0)
      colored (~> 1.2)

PLATFORMS
  ruby

DEPENDENCIES
  phoenx (~> 0.1.1)

BUNDLED WITH
   1.11.2
